GEM
  remote: https://rubygems.org/
  specs:
    httpclient (2.8.2.4)
    multi_json (1.12.1)
    pusher (1.3.0)
      httpclient (~> 2.7)
      multi_json (~> 1.0)
      pusher-signature (~> 0.1.8)
    pusher-signature (0.1.8)
    rack (1.6.5)
    rack-protection (1.5.3)
      rack
    sinatra (1.4.7)
      rack (~> 1.5)
      rack-protection (~> 1.4)
      tilt (>= 1.3, < 3)
    sinatra-cross_origin (0.4.0)
    tilt (2.0.5)

PLATFORMS
  ruby

DEPENDENCIES
  pusher
  sinatra
  sinatra-cross_origin

BUNDLED WITH
   1.13.6
