GEM
  remote: https://rubygems.org/
  specs:
    ably (0.8.12)
      addressable (>= 2.0.0)
      em-http-request (~> 1.1)
      eventmachine (~> 1.0)
      faraday (~> 0.9)
      json
      msgpack (>= 0.6.2)
      statesman (~> 1.0.0)
      websocket-driver (~> 0.6)
    addressable (2.4.0)
    cookiejar (0.3.0)
    em-http-request (1.1.3)
      addressable (>= 2.3.4)
      cookiejar (<= 0.3.0)
      em-socksify (>= 0.3)
      eventmachine (>= 1.0.3)
      http_parser.rb (>= 0.6.0)
    em-socksify (0.3.1)
      eventmachine (>= 1.0.0.beta.4)
    eventmachine (1.2.0.1)
    faraday (0.9.2)
      multipart-post (>= 1.2, < 3)
    http_parser.rb (0.6.0)
    httpclient (2.8.0)
    json (1.8.3)
    msgpack (0.7.6)
    multi_json (1.12.1)
    multipart-post (2.0.0)
    pusher (1.1.0)
      httpclient (~> 2.7)
      multi_json (~> 1.0)
      pusher-signature (~> 0.1.8)
    pusher-signature (0.1.8)
    rack (1.6.0)
    rack-protection (1.5.3)
      rack
    sinatra (1.4.5)
      rack (~> 1.4)
      rack-protection (~> 1.4)
      tilt (~> 1.3, >= 1.3.4)
    sinatra-cross_origin (0.3.2)
    statesman (1.0.0)
    tilt (1.4.1)
    websocket-driver (0.6.4)
      websocket-extensions (>= 0.1.0)
    websocket-extensions (0.1.2)

PLATFORMS
  ruby

DEPENDENCIES
  ably
  pusher
  sinatra
  sinatra-cross_origin
